PATH
  remote: .
  specs:
    bstick (0.1.5)
      color (~> 1.8)
      daemons (~> 1.2)
      libusb (~> 0.5)
      net-ping (~> 2.0)

GEM
  remote: https://rubygems.org/
  specs:
    color (1.8)
    daemons (1.2.4)
    ffi (1.9.14)
    libusb (0.5.1)
      ffi (>= 1.0)
    minitest (5.9.1)
    net-ping (2.0.1)
    rake (10.5.0)

PLATFORMS
  ruby

DEPENDENCIES
  bstick!
  bundler (~> 1.11)
  minitest (~> 5.0)
  rake (~> 10.0)

BUNDLED WITH
   1.11.2
